GEM
  remote: https://rubygems.org/
  specs:
    aws-eventstream (1.2.0)
    aws-sdk (2.11.632)
      aws-sdk-resources (= 2.11.632)
    aws-sdk-core (2.11.632)
      aws-sigv4 (~> 1.0)
      jmespath (~> 1.0)
    aws-sdk-resources (2.11.632)
      aws-sdk-core (= 2.11.632)
    aws-sigv4 (1.5.2)
      aws-eventstream (~> 1, >= 1.0.2)
    jmespath (1.6.1)
    json (2.6.3)
    macaddr (1.7.2)
      systemu (~> 2.6.5)
    psych (4.0.6)
      stringio
    rdoc (6.4.0)
      psych (>= 4.0.0)
    stringio (3.0.2)
    systemu (2.6.5)
    uuid (2.3.9)
      macaddr (~> 1.0)

PLATFORMS
  x64-mingw32
  x86_64-linux

DEPENDENCIES
  aws-sdk (~> 2.11.0)
  json (~> 2.6.0)
  rdoc (~> 6.0)
  uuid (~> 2.3.7)

BUNDLED WITH
   2.3.26
